GEM
  remote: https://rubygems.org/
  specs:
    acme-client (2.0.6)
      faraday (>= 0.17, < 2.0.0)
    coderay (1.1.3)
    faraday (1.0.1)
      multipart-post (>= 1.2, < 3)
    json (2.3.0)
    method_source (1.0.0)
    multipart-post (2.1.1)
    nio4r (2.5.8)
    pry (0.14.2)
      coderay (~> 1.1)
      method_source (~> 1.0)
    puma (4.3.9)
      nio4r (~> 2.0)

PLATFORMS
  ruby

DEPENDENCIES
  acme-client
  json
  pry (~> 0.14.2)
  puma

BUNDLED WITH
   1.17.2
