GEM
  remote: https://rubygems.org/
  specs:
    acme-client (2.0.6)
      faraday (>= 0.17, < 2.0.0)
    faraday (1.0.1)
      multipart-post (>= 1.2, < 3)
    json (2.3.0)
    multipart-post (2.1.1)
    puma (3.8.2)

PLATFORMS
  ruby

DEPENDENCIES
  acme-client
  json
  puma

BUNDLED WITH
   1.17.2
